GEM
  remote: https://rubygems.org/
  specs:
    cgi (0.2.0)
    date (3.1.1)
    erb (2.2.3)
      cgi
    fileutils (1.5.0)
    logger (1.4.3)
    optparse (0.1.1)
    time (0.1.0)
      date
    yaml (0.1.1)

PLATFORMS
  x64-mingw32

DEPENDENCIES
  erb (~> 2.2.3)
  fileutils (~> 1.5.0)
  logger (~> 1.4.3)
  optparse (~> 0.1.1)
  time (~> 0.1.0)
  yaml (~> 0.1.1)

BUNDLED WITH
   2.2.28
